GEM
  remote: http://rubygems.org/
  specs:
    rack (1.2.1)
    rufus-scheduler (2.0.8)
      tzinfo (>= 0.3.23)
    sinatra (1.1.3)
      rack (~> 1.1)
      tilt (>= 1.2.2, < 2.0)
    tilt (1.2.2)
    tzinfo (0.3.24)

PLATFORMS
  ruby

DEPENDENCIES
  rufus-scheduler
  sinatra
